GEM
  remote: https://rubygems.org/
  specs:
    coderay (1.1.3)
    ethon (0.12.0)
      ffi (>= 1.3.0)
    excon (0.76.0)
    faraday (1.0.1)
      multipart-post (>= 1.2, < 3)
    ffi (1.13.1)
    memory_profiler (0.9.14)
    method_source (1.0.0)
    multipart-post (2.1.1)
    parallel (1.19.2)
    pry (0.13.1)
      coderay (~> 1.1)
      method_source (~> 1.0)
    typhoeus (1.4.0)
      ethon (>= 0.9.0)

PLATFORMS
  ruby

DEPENDENCIES
  excon
  faraday
  memory_profiler
  parallel
  pry
  typhoeus

RUBY VERSION
   ruby 2.5.1p57

BUNDLED WITH
   2.1.4
